{
  "InstitutionName": "Stanford University",
  "InstitutionAddress": "450 Serra Mall, Stanford, CA 94305-2004, USA",
  "Manufacturer": "CTF",
  "ManufacturersModelName": "CTF-275",
  "DeviceSerialNumber": "11035",
  "SoftwareVersions": "Acq 5.4.2-linux-20070507",
  "PowerLineFrequency": 60,
  "SamplingFrequency": 2400,
  "MEGChannelCount": 270,
  "MEGREFChannelCount": 26,
  "EEGChannelCount": 0,
  "EOGChannelCount": 2,
  "ECGChannelCount": 1,
  "EMGChannelCount": 0,
  "DewarPosition": "upright",
  "SoftwareFilters": {
    "SpatialCompensation": { "GradientOrder": "3rd" }
  },
  "RecordingDuration": 600,
  "RecordingType": "continuous",
  "EpochLength": 0,
  "TaskName": "rest",
  "ContinuousHeadLocalization": true,
  "HeadCoilFrequency": [1470, 1530, 1590],
  "DigitizedLandmarks": true,
  "DigitizedHeadPoints": true
}
