{
  "AcquisitionMatrixPE": 136,
  "AcquisitionNumber": 1,
  "AcquisitionTime": "11:06:33.777500",
  "BandwidthPerPixelPhaseEncode": 37.388,
  "BaseResolution": 134,
  "BodyPartExamined": "BRAIN",
  "CoilCombinationMethod": "Sum of Squares",
  "CoilString": "A32",
  "ConsistencyInfo": "N4_VE12U_LATEST_20181126",
  "ConversionSoftware": "dcm2niix",
  "ConversionSoftwareVersion": "v1.0.20220720",
  "DerivedVendorReportedEchoSpacing": 0.000589997,
  "DeviceSerialNumber": "79116",
  "DwellTime": 1.8e-6,
  "EchoTime": 0.022,
  "EchoTrainLength": 45,
  "EffectiveEchoSpacing": 0.000196666,
  "FlipAngle": 70,
  "HeudiconvVersion": "0.12.2",
  "ImageComments": "Unaliased MB2/PE2/LB",
  "ImageOrientationPatientDICOM": [
    0.999976, 0.00314557, 0.00619129, -0.000174468, 0.902631, -0.430415
  ],
  "ImageOrientationText": "Tra>Cor(-25.5)>Sag(0.4)",
  "ImageType": ["ORIGINAL", "PRIMARY", "M", "MB", "ND", "MOSAIC"],
  "ImagingFrequency": 297.161,
  "InPlanePhaseEncodingDirectionDICOM": "COL",
  "InstitutionAddress": "Allee du 6 Aout 8,Liege,Liege,BE,4000",
  "InstitutionName": "CRC Liege",
  "InstitutionalDepartmentName": "Department",
  "MRAcquisitionType": "2D",
  "MagneticFieldStrength": 7,
  "Manufacturer": "Siemens",
  "ManufacturersModelName": "Terra",
  "MatrixCoilMode": "GRAPPA",
  "Modality": "MR",
  "MultibandAccelerationFactor": 2,
  "NonlinearGradientCorrection": false,
  "ParallelReductionFactorInPlane": 3,
  "PartialFourier": 1,
  "PatientPosition": "HFS",
  "PercentPhaseFOV": 101.493,
  "PercentSampling": 100,
  "PhaseEncodingDirection": "j-",
  "PhaseEncodingSteps": 135,
  "PhaseResolution": 1,
  "PixelBandwidth": 2075,
  "ProcedureStepDescription": "BLAM",
  "ProtocolName": "cmrr_mbep2d_p3_mb2_1.6iso_AABrain",
  "PulseSequenceDetails": "%CustomerSeq%\\cmrr_mbep2d_bold",
  "ReceiveCoilName": "1Tx32Rx_Head",
  "ReconMatrixPE": 136,
  "RefLinesPE": 36,
  "RepetitionTime": 1.8,
  "SAR": 0.0728539,
  "ScanOptions": "FS\\EXT",
  "ScanningSequence": "EP",
  "SequenceName": "epfid2d1_136",
  "SequenceVariant": "SK\\SS\\OSP",
  "SeriesDescription": "cmrr_mbep2d_p3_mb2_1.6iso_AABrain",
  "SeriesNumber": 11,
  "ShimSetting": [180, 191, -50, 81, 46, -213, -216, -65],
  "SliceThickness": 1.6,
  "SliceTiming": [
    0, 0.85, 1.7, 0.75, 1.6, 0.65, 1.5, 0.55, 1.4, 0.45, 1.3, 0.35, 1.2, 0.25,
    1.1, 0.15, 1, 0.05, 0.9, 1.75, 0.8, 1.65, 0.7, 1.55, 0.6, 1.45, 0.5, 1.35,
    0.4, 1.25, 0.3, 1.15, 0.2, 1.05, 0.1, 0.95, 0, 0.85, 1.7, 0.75, 1.6, 0.65,
    1.5, 0.55, 1.4, 0.45, 1.3, 0.35, 1.2, 0.25, 1.1, 0.15, 1, 0.05, 0.9, 1.75,
    0.8, 1.65, 0.7, 1.55, 0.6, 1.45, 0.5, 1.35, 0.4, 1.25, 0.3, 1.15, 0.2, 1.05,
    0.1, 0.95
  ],
  "SoftwareVersions": "syngo MR E12",
  "SpacingBetweenSlices": 1.6,
  "StationName": "AWP79116",
  "TaskName": "auditoryLocalizer",
  "TotalReadoutTime": 0.0265499,
  "TxRefAmp": 204.476,
  "WipMemBlock": "892ba1da-48b0-4d69-9197-d97ef06e2eeb||Sequence: R016 ve12u/SP01_R016a r/af3652dd; Apr  1 2021 14:05:17 by eja"
}
